GIT
  remote: https://github.com/brandymint/capistrano-tasks
  revision: ed94c975c36a7ba41a173bddf6dba46034ca41e2
  specs:
    capistrano-tasks (0.0.1)

GEM
  remote: https://rubygems.org/
  specs:
    airbrussh (1.4.0)
      sshkit (>= 1.6.1, != 1.7.0)
    capistrano (3.16.0)
      airbrussh (>= 1.0.0)
      i18n
      rake (>= 10.0.0)
      sshkit (>= 1.9.0)
    capistrano-bundler (2.0.1)
      capistrano (~> 3.1)
    capistrano-dotenv (0.0.5)
      capistrano (>= 3.5.0, < 4.0.0)
    capistrano-dotenv-tasks (0.1.5)
      capistrano (~> 3.0)
    capistrano-nvm (0.0.7)
      capistrano (~> 3.1)
    capistrano-rbenv (2.2.0)
      capistrano (~> 3.1)
      sshkit (~> 1.3)
    capistrano-sentry (0.4.2)
      capistrano (~> 3.1)
    capistrano-shell (0.2.0)
      capistrano (~> 3.1)
    capistrano-yarn (2.0.2)
      capistrano (~> 3.0)
    concurrent-ruby (1.1.9)
    dotenv (2.7.6)
    i18n (1.8.10)
      concurrent-ruby (~> 1.0)
    net-scp (3.0.0)
      net-ssh (>= 2.6.5, < 7.0.0)
    net-ssh (6.1.0)
    rake (13.0.6)
    semver2 (3.4.2)
    slackistrano (4.0.1)
      capistrano (>= 3.8.1)
    sshkit (1.21.2)
      net-scp (>= 1.1.2)
      net-ssh (>= 2.8.0)

PLATFORMS
  ruby
  x86_64-linux

DEPENDENCIES
  capistrano
  capistrano-bundler
  capistrano-dotenv
  capistrano-dotenv-tasks
  capistrano-nvm
  capistrano-rbenv
  capistrano-sentry
  capistrano-shell
  capistrano-tasks!
  capistrano-yarn
  dotenv
  semver2 (~> 3.4)
  slackistrano

BUNDLED WITH
   2.2.24
